GIT
  remote: https://github.com/dchbx/acapi.git
  revision: 68001c0c7fec6632f47cb738cfd112e6a94692ca
  branch: development
  specs:
    acapi (0.0.1)
      activesupport (~> 4.2.0)
      bunny (~> 1.7.0)

GIT
  remote: https://github.com/health-connector/core_model_concerns
  revision: b65186348c2efca9b522a854e6989f8e2fdcf29f
  specs:
    core_model_concerns (0.0.1)
      money-rails (~> 1.3.0)
      mongo (= 2.1.2)
      mongoid (= 5.0.1)
      mongoid-autoinc
      mongoid-enum
      mongoid-versioning
      mongoid_userstamp
      rails (~> 4.2.3)

PATH
  remote: /Users/brianweiner/Work/mass
  specs:
    shop_model_concerns (0.0.1)
      money-rails (~> 1.3.0)
      mongo (= 2.1.2)
      mongoid (= 5.0.1)
      mongoid-autoinc
      mongoid-enum
      mongoid_userstamp
      rails (~> 4.2.3)

GEM
  remote: https://rubygems.org/
  specs:
    aasm (4.8.0)
    action_mailer_cache_delivery (0.3.7)
      actionmailer (>= 3.0)
    actionmailer (4.2.10)
      actionpack (= 4.2.10)
      actionview (= 4.2.10)
      activejob (= 4.2.10)
      mail (~> 2.5, >= 2.5.4)
      rails-dom-testing (~> 1.0, >= 1.0.5)
    actionpack (4.2.10)
      actionview (= 4.2.10)
      activesupport (= 4.2.10)
      rack (~> 1.6)
      rack-test (~> 0.6.2)
      rails-dom-testing (~> 1.0, >= 1.0.5)
      rails-html-sanitizer (~> 1.0, >= 1.0.2)
    actionview (4.2.10)
      activesupport (= 4.2.10)
      builder (~> 3.1)
      erubis (~> 2.7.0)
      rails-dom-testing (~> 1.0, >= 1.0.5)
      rails-html-sanitizer (~> 1.0, >= 1.0.3)
    activejob (4.2.10)
      activesupport (= 4.2.10)
      globalid (>= 0.3.0)
    activemodel (4.2.10)
      activesupport (= 4.2.10)
      builder (~> 3.1)
    activerecord (4.2.10)
      activemodel (= 4.2.10)
      activesupport (= 4.2.10)
      arel (~> 6.0)
    activesupport (4.2.10)
      i18n (~> 0.7)
      minitest (~> 5.1)
      thread_safe (~> 0.3, >= 0.3.4)
      tzinfo (~> 1.1)
    addressable (2.5.2)
      public_suffix (>= 2.0.2, < 4.0)
    amq-protocol (1.9.2)
    arel (6.0.4)
    backports (3.10.3)
    bson (3.2.7)
    builder (3.2.3)
    bunny (1.7.1)
      amq-protocol (~> 1.9.2)
    capybara (2.6.2)
      addressable
      mime-types (>= 1.16)
      nokogiri (>= 1.3.3)
      rack (>= 1.0.0)
      rack-test (>= 0.5.4)
      xpath (~> 2.0)
    capybara-screenshot (1.0.18)
      capybara (>= 1.0, < 3)
      launchy
    childprocess (0.8.0)
      ffi (~> 1.0, >= 1.0.11)
    cliver (0.3.2)
    concurrent-ruby (1.0.5)
    config (1.0.0)
      activesupport (>= 3.0)
      deep_merge (~> 1.0.0)
    crack (0.4.3)
      safe_yaml (~> 1.0.0)
    crass (1.0.2)
    cucumber (3.0.1)
      builder (>= 2.1.2)
      cucumber-core (~> 3.0.0)
      cucumber-expressions (~> 4.0.3)
      cucumber-wire (~> 0.0.1)
      diff-lcs (~> 1.3)
      gherkin (~> 4.0)
      multi_json (>= 1.7.5, < 2.0)
      multi_test (>= 0.1.2)
    cucumber-core (3.0.0)
      backports (>= 3.8.0)
      cucumber-tag_expressions (>= 1.0.1)
      gherkin (>= 4.1.3)
    cucumber-expressions (4.0.4)
    cucumber-rails (1.4.5)
      capybara (>= 1.1.2, < 3)
      cucumber (>= 1.3.8, < 4)
      mime-types (>= 1.16, < 4)
      nokogiri (~> 1.5)
      railties (>= 3, < 5.1)
    cucumber-tag_expressions (1.0.1)
    cucumber-wire (0.0.1)
    database_cleaner (1.5.3)
    deep_merge (1.0.1)
    diff-lcs (1.3)
    docile (1.1.5)
    erubis (2.7.0)
    factory_bot (4.8.2)
      activesupport (>= 3.0.0)
    factory_bot_rails (4.8.2)
      factory_bot (~> 4.8.2)
      railties (>= 3.0.0)
    fakeredis (0.6.0)
      redis (~> 3.2)
    ffi (1.9.18)
    gherkin (4.1.3)
    globalid (0.4.1)
      activesupport (>= 4.2.0)
    hashdiff (0.3.7)
    i18n (0.7.0)
    json (2.1.0)
    launchy (2.4.3)
      addressable (~> 2.3)
    loofah (2.1.1)
      crass (~> 1.0.2)
      nokogiri (>= 1.5.9)
    mail (2.7.0)
      mini_mime (>= 0.1.1)
    mime-types (3.1)
      mime-types-data (~> 3.2015)
    mime-types-data (3.2016.0521)
    mini_mime (0.1.4)
    mini_portile2 (2.3.0)
    minitest (5.10.3)
    monetize (1.1.0)
      money (~> 6.5.0)
    money (6.5.1)
      i18n (>= 0.6.4, <= 0.7.0)
    money-rails (1.3.0)
      activesupport (>= 3.0)
      monetize (~> 1.1.0)
      money (~> 6.5.0)
      railties (>= 3.0)
    mongo (2.1.2)
      bson (~> 3.0)
    mongoid (5.0.1)
      activemodel (~> 4.0)
      mongo (~> 2.1)
      origin (~> 2.1)
      tzinfo (>= 0.3.37)
    mongoid-autoinc (5.0.2)
      mongoid (~> 5.0)
    mongoid-enum (0.4.0)
      mongoid (~> 5.0)
    mongoid-rspec (3.0.0)
      mongoid (~> 5.0)
      rake
      rspec (~> 3.3)
    mongoid-versioning (2.0.0)
      activesupport (~> 4.0)
      mongoid (>= 4.0.0, <= 6.0.0)
    mongoid_userstamp (0.4.0)
      mongoid (>= 3.0.4)
    multi_json (1.12.2)
    multi_test (0.1.2)
    nokogiri (1.8.1)
      mini_portile2 (~> 2.3.0)
    origin (2.3.1)
    poltergeist (1.16.0)
      capybara (~> 2.1)
      cliver (~> 0.3.1)
      websocket-driver (>= 0.2.0)
    public_suffix (3.0.0)
    rack (1.6.8)
    rack-test (0.6.3)
      rack (>= 1.0)
    rails (4.2.10)
      actionmailer (= 4.2.10)
      actionpack (= 4.2.10)
      actionview (= 4.2.10)
      activejob (= 4.2.10)
      activemodel (= 4.2.10)
      activerecord (= 4.2.10)
      activesupport (= 4.2.10)
      bundler (>= 1.3.0, < 2.0)
      railties (= 4.2.10)
      sprockets-rails
    rails-deprecated_sanitizer (1.0.3)
      activesupport (>= 4.2.0.alpha)
    rails-dom-testing (1.0.8)
      activesupport (>= 4.2.0.beta, < 5.0)
      nokogiri (~> 1.6)
      rails-deprecated_sanitizer (>= 1.0.1)
    rails-html-sanitizer (1.0.3)
      loofah (~> 2.0)
    railties (4.2.10)
      actionpack (= 4.2.10)
      activesupport (= 4.2.10)
      rake (>= 0.8.7)
      thor (>= 0.18.1, < 2.0)
    rake (12.2.1)
    redis (3.3.5)
    rspec (3.7.0)
      rspec-core (~> 3.7.0)
      rspec-expectations (~> 3.7.0)
      rspec-mocks (~> 3.7.0)
    rspec-core (3.7.0)
      rspec-support (~> 3.7.0)
    rspec-expectations (3.7.0)
      diff-lcs (>= 1.2.0, < 2.0)
      rspec-support (~> 3.7.0)
    rspec-instafail (1.0.0)
      rspec
    rspec-mocks (3.7.0)
      diff-lcs (>= 1.2.0, < 2.0)
      rspec-support (~> 3.7.0)
    rspec-rails (3.7.1)
      actionpack (>= 3.0)
      activesupport (>= 3.0)
      railties (>= 3.0)
      rspec-core (~> 3.7.0)
      rspec-expectations (~> 3.7.0)
      rspec-mocks (~> 3.7.0)
      rspec-support (~> 3.7.0)
    rspec-support (3.7.0)
    rubyzip (1.2.1)
    safe_yaml (1.0.4)
    selenium-webdriver (3.7.0)
      childprocess (~> 0.5)
      rubyzip (~> 1.0)
    shoulda-matchers (3.1.1)
      activesupport (>= 4.0.0)
    simplecov (0.14.1)
      docile (~> 1.1.0)
      json (>= 1.8, < 3)
      simplecov-html (~> 0.10.0)
    simplecov-html (0.10.2)
    sprockets (3.7.1)
      concurrent-ruby (~> 1.0)
      rack (> 1, < 3)
    sprockets-rails (3.2.1)
      actionpack (>= 4.0)
      activesupport (>= 4.0)
      sprockets (>= 3.0.0)
    thor (0.20.0)
    thread_safe (0.3.6)
    tzinfo (1.2.4)
      thread_safe (~> 0.1)
    warden (1.2.7)
      rack (>= 1.0)
    watir (6.8.4)
      selenium-webdriver (~> 3.4, >= 3.4.1)
    webmock (3.1.0)
      addressable (>= 2.3.6)
      crack (>= 0.3.2)
      hashdiff
    websocket-driver (0.7.0)
      websocket-extensions (>= 0.1.0)
    websocket-extensions (0.1.2)
    xpath (2.1.0)
      nokogiri (~> 1.3)

PLATFORMS
  ruby

DEPENDENCIES
  aasm (~> 4.8.0)
  acapi!
  action_mailer_cache_delivery (~> 0.3.7)
  capybara (= 2.6.2)
  capybara-screenshot
  config (~> 1.0.0)
  core_model_concerns!
  cucumber-rails (~> 1.4.2)
  database_cleaner (= 1.5.3)
  factory_bot_rails
  fakeredis
  mongoid-rspec (= 3.0.0)
  mongoid-versioning
  poltergeist
  rspec-instafail
  rspec-rails
  shop_model_concerns!
  shoulda-matchers (= 3.1.1)
  simplecov (= 0.14.1)
  warden
  watir
  webmock

BUNDLED WITH
   1.16.0
